PATH
  remote: .
  specs:
    i18n-active_record (0.2.0)
      i18n (>= 0.5.0)

GEM
  remote: https://rubygems.org/
  specs:
    i18n (0.8.1)
    metaclass (0.0.4)
    minitest (5.10.1)
    mocha (1.2.1)
      metaclass (~> 0.0.1)
    pg (0.20.0)
    rake (12.0.0)
    sequel (4.46.0)
    sqlite3 (1.3.13)
    test_declarative (0.0.5)

PLATFORMS
  ruby

DEPENDENCIES
  bundler
  i18n-active_record!
  minitest
  mocha
  pg
  rake
  sequel
  sqlite3
  test_declarative

BUNDLED WITH
   1.14.3
