PATH
  remote: .
  specs:
    i18n-sequel (0.2.0)
      i18n (>= 0.5.0)

GEM
  remote: https://rubygems.org/
  specs:
    activesupport (5.1.1)
      concurrent-ruby (~> 1.0, >= 1.0.2)
      i18n (~> 0.7)
      minitest (~> 5.1)
      tzinfo (~> 1.1)
    concurrent-ruby (1.0.5)
    i18n (0.8.1)
    metaclass (0.0.4)
    minitest (5.10.1)
    mocha (1.2.1)
      metaclass (~> 0.0.1)
    pg (0.20.0)
    rake (12.0.0)
    sequel (4.46.0)
    sqlite3 (1.3.13)
    test_declarative (0.0.5)
    thread_safe (0.3.6)
    tzinfo (1.2.3)
      thread_safe (~> 0.1)

PLATFORMS
  ruby

DEPENDENCIES
  activesupport
  bundler
  i18n-sequel!
  minitest
  mocha
  pg
  rake
  sequel
  sqlite3
  test_declarative

BUNDLED WITH
   1.15.0
